PATH
  remote: .
  specs:
    my_help (0.8.0)
      colorize
      gli (= 2.17.1)

GEM
  remote: https://rubygems.org/
  specs:
    colorize (0.8.1)
    diff-lcs (1.3)
    ffi (1.11.2)
    gli (2.17.1)
    rake (13.0.1)
    rdoc (6.2.0)
    rspec (3.9.0)
      rspec-core (~> 3.9.0)
      rspec-expectations (~> 3.9.0)
      rspec-mocks (~> 3.9.0)
    rspec-core (3.9.0)
      rspec-support (~> 3.9.0)
    rspec-expectations (3.9.0)
      diff-lcs (>= 1.2.0, < 2.0)
      rspec-support (~> 3.9.0)
    rspec-mocks (3.9.0)
      diff-lcs (>= 1.2.0, < 2.0)
      rspec-support (~> 3.9.0)
    rspec-support (3.9.0)
    thor (0.20.3)

PLATFORMS
  ruby

DEPENDENCIES
  ffi (>= 1.9.24)
  my_help!
  rake
  rdoc
  rspec
  thor

BUNDLED WITH
   2.0.2
